GEM
  remote: http://rubygems.org/
  specs:
    boxcar_api (1.2.0)
      httparty (>= 0.6.1)
    daemons (1.1.9)
    eventmachine (0.12.10)
    httparty (0.8.3)
      multi_json (~> 1.0)
      multi_xml
    multi_json (1.3.6)
    multi_xml (0.5.1)
    rack (1.4.1)
    redis (2.2.2)
    sinatra (1.1.0)
      rack (~> 1.1)
      tilt (~> 1.1)
    thin (1.4.1)
      daemons (>= 1.0.9)
      eventmachine (>= 0.12.6)
      rack (>= 1.0.0)
    tilt (1.3.3)

PLATFORMS
  ruby

DEPENDENCIES
  boxcar_api
  redis
  sinatra (= 1.1.0)
  thin
