GEM
  remote: http://rubygems.org/
  specs:
    akami (1.2.0)
      gyoku (>= 0.4.0)
      nokogiri (>= 1.4.0)
    boxcar_api (1.2.0)
      httparty (>= 0.6.1)
    builder (3.0.0)
    daemons (1.1.9)
    eventmachine (0.12.10)
    gyoku (0.4.6)
      builder (>= 2.1.2)
    httparty (0.8.3)
      multi_json (~> 1.0)
      multi_xml
    httpi (1.1.1)
      rack
    multi_json (1.3.6)
    multi_xml (0.5.1)
    nokogiri (1.5.5)
    nori (1.1.3)
    rack (1.4.1)
    redis (2.2.2)
    savon (1.1.0)
      akami (~> 1.2.0)
      builder (>= 2.1.2)
      gyoku (~> 0.4.5)
      httpi (~> 1.1.0)
      nokogiri (>= 1.4.0)
      nori (~> 1.1.0)
      wasabi (~> 2.5.0)
    sinatra (1.1.0)
      rack (~> 1.1)
      tilt (~> 1.1)
    thin (1.4.1)
      daemons (>= 1.0.9)
      eventmachine (>= 0.12.6)
      rack (>= 1.0.0)
    tilt (1.3.3)
    wasabi (2.5.0)
      httpi (~> 1.0)
      nokogiri (>= 1.4.0)

PLATFORMS
  ruby

DEPENDENCIES
  boxcar_api
  redis
  savon
  sinatra (= 1.1.0)
  thin
